GEM
  remote: https://rubygems.org/
  specs:
    addressable (2.3.8)
    coderay (1.1.1)
    crack (0.4.3)
      safe_yaml (~> 1.0.0)
    diff-lcs (1.3)
    dredd_hooks (0.1.2)
    ffi (1.9.17-java)
    method_source (0.8.2)
    pry (0.10.4-java)
      coderay (~> 1.1.0)
      method_source (~> 0.8.1)
      slop (~> 3.4)
      spoon (~> 0.0)
    rack (1.4.7)
    rack-protection (1.5.3)
      rack
    rack-test (0.6.1)
      rack (>= 1.0)
    rspec (2.99.0)
      rspec-core (~> 2.99.0)
      rspec-expectations (~> 2.99.0)
      rspec-mocks (~> 2.99.0)
    rspec-core (2.99.2)
    rspec-expectations (2.99.2)
      diff-lcs (>= 1.1.3, < 2.0)
    rspec-mocks (2.99.0)
    safe_yaml (1.0.4)
    sinatra (1.4.6)
      rack (~> 1.4)
      rack-protection (~> 1.4)
      tilt (>= 1.3, < 3)
    slop (3.6.0)
    spoon (0.0.6)
      ffi
    tilt (2.0.6)
    webmock (1.8.0)
      addressable (>= 2.2.7)
      crack (>= 0.1.7)

PLATFORMS
  java

DEPENDENCIES
  dredd_hooks
  pry
  rack (= 1.4.7)
  rack-test (= 0.6.1)
  rspec (= 2.99.0)
  rspec-core
  sinatra
  webmock
